GIT
  remote: git://github.com/sinatra/sinatra.git
  revision: d0c4053fd459be9f2c207cfeec5c0606461c014b
  specs:
    rack-protection (2.0.0.rc1)
      rack
    sinatra (2.0.0.rc1)
      mustermann (= 1.0.0)
      rack (~> 2.0)
      rack-protection (= 2.0.0.rc1)
      tilt (~> 2.0)
    sinatra-contrib (2.0.0.rc1)
      backports (>= 2.0)
      multi_json
      mustermann (= 1.0.0)
      rack-protection (= 2.0.0.rc1)
      sinatra (= 2.0.0.rc1)
      tilt (>= 1.3, < 3)

GEM
  remote: https://rubygems.org/
  specs:
    backports (3.6.8)
    daemons (1.2.4)
    eventmachine (1.2.3)
    json (2.0.3)
    multi_json (1.12.1)
    mustermann (1.0.0)
    rack (2.0.1)
    thin (1.7.0)
      daemons (~> 1.0, >= 1.0.9)
      eventmachine (~> 1.0, >= 1.0.4)
      rack (>= 1, < 3)
    tilt (2.0.6)

PLATFORMS
  ruby

DEPENDENCIES
  json
  rack
  sinatra!
  sinatra-contrib
  thin

BUNDLED WITH
   1.12.5
