GIT
  remote: git://github.com/sinatra/sinatra.git
  revision: 9f4100a769bc62a8087a12511f26ea895e5e09c5
  specs:
    rack-protection (2.0.0.beta2)
      rack
    sinatra (2.0.0.beta2)
      mustermann (= 1.0.0.beta2)
      rack (~> 2.0)
      rack-protection (= 2.0.0.beta2)
      tilt (~> 2.0)
    sinatra-contrib (2.0.0.beta2)
      backports (>= 2.0)
      multi_json
      mustermann (= 1.0.0.beta2)
      rack-protection (= 2.0.0.beta2)
      rack-test
      sinatra (= 2.0.0.beta2)
      tilt (>= 1.3, < 3)

GEM
  remote: https://rubygems.org/
  specs:
    backports (3.6.8)
    daemons (1.2.4)
    eventmachine (1.2.1)
    json (2.0.1)
    multi_json (1.12.1)
    mustermann (1.0.0.beta2)
    rack (2.0.1)
    rack-test (0.6.3)
      rack (>= 1.0)
    thin (1.7.0)
      daemons (~> 1.0, >= 1.0.9)
      eventmachine (~> 1.0, >= 1.0.4)
      rack (>= 1, < 3)
    tilt (2.0.5)

PLATFORMS
  ruby

DEPENDENCIES
  json
  rack
  sinatra!
  sinatra-contrib
  thin

BUNDLED WITH
   1.12.5
